GEM
  remote: http://rubygems.org/
  specs:
    configatron (2.9.1)
      yamler (>= 0.1.0)
    diff-lcs (1.1.3)
    haml (3.1.4)
    httpclient (2.2.4)
    json (1.6.6)
    nokogiri (1.5.2)
    rack (1.4.1)
    rack-protection (1.2.0)
      rack
    rspec (2.9.0)
      rspec-core (~> 2.9.0)
      rspec-expectations (~> 2.9.0)
      rspec-mocks (~> 2.9.0)
    rspec-core (2.9.0)
    rspec-expectations (2.9.1)
      diff-lcs (~> 1.1.3)
    rspec-mocks (2.9.0)
    shotgun (0.9)
      rack (>= 1.0)
    sinatra (1.3.2)
      rack (~> 1.3, >= 1.3.6)
      rack-protection (~> 1.2)
      tilt (~> 1.3, >= 1.3.3)
    tilt (1.3.3)
    yamler (0.1.0)

PLATFORMS
  ruby

DEPENDENCIES
  configatron
  haml
  httpclient
  json
  nokogiri
  rspec
  shotgun
  sinatra
