GEM
  remote: http://rubygems.org/
  specs:
    diff-lcs (1.1.3)
    httpclient (2.2.3)
    json (1.6.1)
    nokogiri (1.5.0)
    rack (1.3.5)
    rack-protection (1.1.4)
      rack
    rspec (2.7.0)
      rspec-core (~> 2.7.0)
      rspec-expectations (~> 2.7.0)
      rspec-mocks (~> 2.7.0)
    rspec-core (2.7.1)
    rspec-expectations (2.7.0)
      diff-lcs (~> 1.1.2)
    rspec-mocks (2.7.0)
    sinatra (1.3.1)
      rack (~> 1.3, >= 1.3.4)
      rack-protection (~> 1.1, >= 1.1.2)
      tilt (~> 1.3, >= 1.3.3)
    tilt (1.3.3)

PLATFORMS
  ruby

DEPENDENCIES
  httpclient (= 2.2.3)
  json (= 1.6.1)
  nokogiri (= 1.5.0)
  rspec (= 2.7.0)
  sinatra (= 1.3.1)
